GEM
  remote: https://rubygems.org/
  specs:
    actioncable (5.2.2.1)
      actionpack (= 5.2.2.1)
      nio4r (~> 2.0)
      websocket-driver (>= 0.6.1)
    actionmailer (5.2.2.1)
      actionpack (= 5.2.2.1)
      actionview (= 5.2.2.1)
      activejob (= 5.2.2.1)
      mail (~> 2.5, >= 2.5.4)
      rails-dom-testing (~> 2.0)
    actionpack (5.2.2.1)
      actionview (= 5.2.2.1)
      activesupport (= 5.2.2.1)
      rack (~> 2.0)
      rack-test (>= 0.6.3)
      rails-dom-testing (~> 2.0)
      rails-html-sanitizer (~> 1.0, >= 1.0.2)
    actionview (5.2.2.1)
      activesupport (= 5.2.2.1)
      builder (~> 3.1)
      erubi (~> 1.4)
      rails-dom-testing (~> 2.0)
      rails-html-sanitizer (~> 1.0, >= 1.0.3)
    activejob (5.2.2.1)
      activesupport (= 5.2.2.1)
      globalid (>= 0.3.6)
    activemodel (5.2.2.1)
      activesupport (= 5.2.2.1)
    activerecord (5.2.2.1)
      activemodel (= 5.2.2.1)
      activesupport (= 5.2.2.1)
      arel (>= 9.0)
    activestorage (5.2.2.1)
      actionpack (= 5.2.2.1)
      activerecord (= 5.2.2.1)
      marcel (~> 0.3.1)
    activesupport (5.2.2.1)
      concurrent-ruby (~> 1.0, >= 1.0.2)
      i18n (>= 0.7, < 2)
      minitest (~> 5.1)
      tzinfo (~> 1.1)
    acts-as-taggable-on (6.0.0)
      activerecord (~> 5.0)
    addressable (2.6.0)
      public_suffix (>= 2.0.2, < 4.0)
    amq-protocol (2.3.0)
    annotate (2.7.4)
      activerecord (>= 3.2, < 6.0)
      rake (>= 10.4, < 13.0)
    ansi (1.5.0)
    archive-zip (0.12.0)
      io-like (~> 0.3.0)
    arel (9.0.0)
    asana (0.8.1)
      faraday (~> 0.9)
      faraday_middleware (~> 0.9)
      faraday_middleware-multi_json (~> 0.0)
      oauth2 (~> 1.0)
    ast (2.4.0)
    attachinary (1.3.1)
      cloudinary (~> 1.1.0)
      rails (>= 3.2)
    authlogic (5.0.1)
      activemodel (>= 5.2, < 6.1)
      activerecord (>= 5.2, < 6.1)
      activesupport (>= 5.2, < 6.1)
      request_store (~> 1.0)
      scrypt (>= 1.2, < 4.0)
    authlogic_oauth2 (1.1.2)
      authlogic
      oauth2
    autoprefixer-rails (9.5.0)
      execjs
    awesome_print (1.8.0)
    aws-eventstream (1.0.2)
    aws-partitions (1.145.0)
    aws-sdk (2.11.245)
      aws-sdk-resources (= 2.11.245)
    aws-sdk-core (2.11.245)
      aws-sigv4 (~> 1.0)
      jmespath (~> 1.0)
    aws-sdk-resources (2.11.245)
      aws-sdk-core (= 2.11.245)
    aws-sigv2 (1.0.1)
    aws-sigv4 (1.1.0)
      aws-eventstream (~> 1.0, >= 1.0.2)
    aws_cf_signer (0.1.3)
    axiom-types (0.1.1)
      descendants_tracker (~> 0.0.4)
      ice_nine (~> 0.11.0)
      thread_safe (~> 0.3, >= 0.3.1)
    azure-core (0.1.15)
      faraday (~> 0.9)
      faraday_middleware (~> 0.10)
      nokogiri (~> 1.6)
    azure_graph_rbac (0.17.1)
      ms_rest_azure (~> 0.11.0)
    azure_mgmt_key_vault (0.17.3)
      ms_rest_azure (~> 0.11.0)
    azure_mgmt_resources (0.17.3)
      ms_rest_azure (~> 0.11.0)
    backport (0.3.0)
    backports (3.12.0)
    bcrypt (3.1.12)
    benchmark_methods (0.7)
    best_in_place (3.1.1)
      actionpack (>= 3.2)
      railties (>= 3.2)
    better_errors (2.5.1)
      coderay (>= 1.0.0)
      erubi (>= 1.0.0)
      rack (>= 0.9.0)
    bibtex-ruby (4.4.7)
      latex-decode (~> 0.0)
    bigdecimal (1.4.3)
    bindex (0.5.0)
    binding_of_caller (0.8.0)
      debug_inspector (>= 0.0.1)
    blankslate (3.1.3)
    bootsnap (1.4.1)
      msgpack (~> 1.0)
    bootstrap-datepicker-rails (1.8.0.1)
      railties (>= 3.0)
    bootstrap-sass (3.4.1)
      autoprefixer-rails (>= 5.2.1)
      sassc (>= 2.0.0)
    bootstrap-select-rails (1.12.4)
    bootstrap-switch-rails (3.3.4)
    bootstrap_form (4.2.0)
      actionpack (>= 5.0)
      activemodel (>= 5.0)
    brakeman (4.5.0)
    bson (4.4.2)
    builder (3.2.3)
    bulk_insert (1.7.0)
      activerecord (>= 3.2.0)
    bullet (5.9.0)
      activesupport (>= 3.0.0)
      uniform_notifier (~> 1.11)
    bundler-audit (0.6.1)
      bundler (>= 1.2.0, < 3)
      thor (~> 0.18)
    bundler-unload (1.0.2)
    bunny (2.14.1)
      amq-protocol (~> 2.3, >= 2.3.0)
    byebug (11.0.1)
    capybara (3.15.0)
      addressable
      mini_mime (>= 0.1.3)
      nokogiri (~> 1.8)
      rack (>= 1.6.0)
      rack-test (>= 0.6.3)
      regexp_parser (~> 1.2)
      xpath (~> 3.2)
    carrierwave (1.3.1)
      activemodel (>= 4.0.0)
      activesupport (>= 4.0.0)
      mime-types (>= 1.16)
    celluloid (0.17.4)
      celluloid-essentials
      celluloid-extras
      celluloid-fsm
      celluloid-pool
      celluloid-supervision
      timers (>= 4.1.1)
    celluloid-essentials (0.20.5)
      timers (>= 4.1.1)
    celluloid-extras (0.20.5)
      timers (>= 4.1.1)
    celluloid-fsm (0.20.5)
      timers (>= 4.1.1)
    celluloid-pool (0.20.5)
      timers (>= 4.1.1)
    celluloid-supervision (0.20.6)
      timers (>= 4.1.1)
    character_set (1.1.2)
    chartkick (3.2.0)
    chef (0.8.10)
      bunny (>= 0.6.0)
      erubis
      extlib
      json
      mixlib-authentication (>= 1.1.0)
      mixlib-cli (>= 1.1.0)
      mixlib-config (>= 1.1.0)
      mixlib-log (>= 1.1.0)
      moneta
      ohai (>= 0.5.0)
    chef-config (14.11.21)
      addressable
      fuzzyurl
      mixlib-config (>= 2.2.12, < 3.0)
      mixlib-shellout (~> 2.0)
      tomlrb (~> 1.2)
    chef-zero (14.0.12)
      ffi-yajl (~> 2.2)
      hashie (>= 2.0, < 4.0)
      mixlib-log (>= 2.0, < 4.0)
      rack (~> 2.0, >= 2.0.6)
      uuidtools (~> 2.1)
    childprocess (1.0.1)
      rake (< 13.0)
    chromedriver-helper (2.1.0)
      archive-zip (~> 0.10)
      nokogiri (~> 1.8)
    classifier-reborn (2.2.0)
      fast-stemmer (~> 1.0)
    client_side_validations (13.1.0)
      jquery-rails (~> 4.3)
      js_regex (~> 3.1)
      rails (>= 5.0.0.1, <= 6.0.0.beta3)
    client_side_validations-simple_form (6.9.0)
      client_side_validations (>= 9.3.2, < 14)
      simple_form (>= 3.5, < 5)
    cloudinary (1.1.7)
      aws_cf_signer
      rest-client
    codeclimate-engine-rb (0.4.1)
      virtus (~> 1.0)
    codeclimate-test-reporter (1.0.9)
      simplecov (<= 0.13)
    codemirror-rails (5.16.0)
      railties (>= 3.0, < 6.0)
    coderay (1.1.2)
    coercible (1.0.0)
      descendants_tracker (~> 0.0.1)
    coffee-rails (4.2.2)
      coffee-script (>= 2.2.0)
      railties (>= 4.0.0)
    coffee-script (2.4.1)
      coffee-script-source
      execjs
    coffee-script-source (1.12.2)
    colorator (1.1.0)
    colored (1.2)
    colorize (0.8.1)
    commonjs (0.2.7)
    commonmarker (0.18.2)
      ruby-enum (~> 0.5)
    concurrent-ruby (1.1.5)
    connection_pool (2.2.2)
    crass (1.0.4)
    cucumber (3.1.2)
      builder (>= 2.1.2)
      cucumber-core (~> 3.2.0)
      cucumber-expressions (~> 6.0.1)
      cucumber-wire (~> 0.0.1)
      diff-lcs (~> 1.3)
      gherkin (~> 5.1.0)
      multi_json (>= 1.7.5, < 2.0)
      multi_test (>= 0.1.2)
    cucumber-core (3.2.1)
      backports (>= 3.8.0)
      cucumber-tag_expressions (~> 1.1.0)
      gherkin (~> 5.0)
    cucumber-expressions (6.0.1)
    cucumber-tag_expressions (1.1.1)
    cucumber-wire (0.0.1)
    daemons (1.3.1)
    debug_inspector (0.0.3)
    declarative (0.0.10)
    declarative-option (0.1.0)
    deep_merge (1.2.1)
    deface (1.3.2)
      nokogiri (>= 1.6)
      polyglot
      rails (>= 4.1)
      rainbow (>= 2.1.0)
    descendants_tracker (0.0.4)
      thread_safe (~> 0.3, >= 0.3.1)
    devise (4.6.1)
      bcrypt (~> 3.0)
      orm_adapter (~> 0.1)
      railties (>= 4.1.0, < 6.0)
      responders
      warden (~> 1.2.3)
    devise-bootstrap-views (1.1.0)
    devise-i18n (1.8.0)
      devise (>= 4.6)
    devise_invitable (2.0.0)
      actionmailer (>= 5.0)
      devise (>= 4.6)
    did_you_mean (1.3.0)
    diff-lcs (1.3)
    digest-crc (0.4.1)
    discourse_api (0.33.0)
      faraday (~> 0.9)
      faraday_middleware (~> 0.10)
      rack (>= 1.6)
    dnsruby (1.61.2)
      addressable (~> 2.5)
    docile (1.1.5)
    docker-api (1.34.2)
      excon (>= 0.47.0)
      multi_json
    domain_name (0.5.20180417)
      unf (>= 0.0.5, < 1.0.0)
    droplet_kit (2.8.0)
      activesupport (> 3.0, < 6)
      faraday (~> 0.15)
      kartograph (~> 0.2.3)
      resource_kit (~> 0.1.5)
      virtus (~> 1.0.3)
    ebnf (1.1.3)
      rdf (~> 3.0)
      sxp (~> 1.0)
    em-websocket (0.5.1)
      eventmachine (>= 0.12.9)
      http_parser.rb (~> 0.6.0)
    equalizer (0.0.11)
    equatable (0.5.0)
    erubi (1.8.0)
    erubis (2.7.0)
    ethon (0.12.0)
      ffi (>= 1.3.0)
    eventmachine (1.2.7)
    excon (0.62.0)
    execjs (2.7.0)
    executable-hooks (1.6.0)
    extlib (0.9.16)
    factory_girl (4.9.0)
      activesupport (>= 3.0.0)
    factory_girl_rails (4.9.0)
      factory_girl (~> 4.9.0)
      railties (>= 3.0.0)
    faker (1.9.3)
      i18n (>= 0.7)
    faraday (0.15.4)
      multipart-post (>= 1.2, < 3)
    faraday-cookie_jar (0.0.6)
      faraday (>= 0.7.4)
      http-cookie (~> 1.0.0)
    faraday-encoding (0.0.5)
      faraday
    faraday-http-cache (2.0.0)
      faraday (~> 0.8)
    faraday_middleware (0.12.2)
      faraday (>= 0.7.4, < 1.0)
    faraday_middleware-multi_json (0.0.6)
      faraday_middleware
      multi_json
    fast-stemmer (1.0.2)
    ffi (1.10.0)
    ffi-compiler (1.0.1)
      ffi (>= 1.0.0)
      rake
    ffi-yajl (2.3.1)
      libyajl2 (~> 1.2)
    filetree (1.0.0)
    font-awesome-sass (5.8.0)
      sassc (>= 1.11)
    forwardable-extended (2.6.0)
    fuzzyurl (0.9.0)
    gem-wrappers (1.4.0)
    gemoji (3.0.0)
    gender_detector (2.0.0)
    gh (0.14.0)
      addressable
      backports
      faraday (~> 0.8)
      multi_json (~> 1.0)
      net-http-persistent (>= 2.7)
      net-http-pipeline
    gherkin (5.1.0)
    github_api (0.18.2)
      addressable (~> 2.4)
      descendants_tracker (~> 0.0.4)
      faraday (~> 0.8)
      hashie (~> 3.5, >= 3.5.2)
      oauth2 (~> 1.0)
    github_changelog_generator (1.13.2)
      github_api (>= 0.14)
      rainbow (>= 2.1)
      rake (>= 10.0)
    globalid (0.4.2)
      activesupport (>= 4.2.0)
    globalize (5.2.0)
      activemodel (>= 4.2, < 5.3)
      activerecord (>= 4.2, < 5.3)
      request_store (~> 1.0)
    globalize-accessors (0.2.1)
      globalize (~> 5.0, >= 5.0.0)
    globalize-versioning (0.3.0)
      activemodel (>= 4.2.0, < 6)
      activerecord (>= 4.2.0, < 6)
      globalize (>= 5.1.0, < 6)
      paper_trail (>= 8, < 12)
    google-api-client (0.23.9)
      addressable (~> 2.5, >= 2.5.1)
      googleauth (>= 0.5, < 0.7.0)
      httpclient (>= 2.8.1, < 3.0)
      mime-types (~> 3.0)
      representable (~> 3.0)
      retriable (>= 2.0, < 4.0)
      signet (~> 0.9)
    google-cloud (0.58.0)
      google-cloud-asset (~> 0.1)
      google-cloud-bigquery (~> 1.1)
      google-cloud-bigquery-data_transfer (~> 0.1)
      google-cloud-bigtable (~> 0.1)
      google-cloud-container (~> 0.1)
      google-cloud-dataproc (~> 0.1)
      google-cloud-datastore (~> 1.4)
      google-cloud-dialogflow (~> 0.1)
      google-cloud-dlp (~> 0.4)
      google-cloud-dns (~> 0.28)
      google-cloud-error_reporting (~> 0.30)
      google-cloud-firestore (~> 0.21)
      google-cloud-kms (~> 1.0)
      google-cloud-language (~> 0.30)
      google-cloud-logging (~> 1.5)
      google-cloud-monitoring (~> 0.28)
      google-cloud-os_login (~> 0.1)
      google-cloud-pubsub (~> 0.30)
      google-cloud-redis (~> 0.2)
      google-cloud-resource_manager (~> 0.29)
      google-cloud-scheduler (~> 0.1)
      google-cloud-spanner (~> 1.3)
      google-cloud-speech (~> 0.29)
      google-cloud-storage (~> 1.10)
      google-cloud-talent (~> 0.1)
      google-cloud-tasks (~> 0.2)
      google-cloud-text_to_speech (~> 0.1)
      google-cloud-trace (~> 0.31)
      google-cloud-translate (~> 1.2)
      google-cloud-video_intelligence (~> 1.0)
      google-cloud-vision (~> 0.28)
    google-cloud-asset (0.2.0)
      google-gax (~> 1.3)
      grpc-google-iam-v1 (~> 0.6.9)
    google-cloud-bigquery (1.11.0)
      concurrent-ruby (~> 1.0)
      google-api-client (~> 0.23)
      google-cloud-core (~> 1.2)
      googleauth (>= 0.6.2, < 0.10.0)
    google-cloud-bigquery-data_transfer (0.2.3)
      google-gax (~> 1.3)
    google-cloud-bigtable (0.3.0)
      google-cloud-core (~> 1.1)
      google-gax (~> 1.0)
      grpc-google-iam-v1 (~> 0.6.9)
    google-cloud-container (0.4.0)
      google-gax (~> 1.3)
    google-cloud-core (1.3.0)
      google-cloud-env (~> 1.0)
    google-cloud-dataproc (0.3.0)
      google-gax (~> 1.3)
    google-cloud-datastore (1.5.1)
      google-cloud-core (~> 1.2)
      google-gax (~> 1.0)
      google-protobuf (~> 3.3)
    google-cloud-dialogflow (0.2.3)
      google-gax (~> 1.3)
    google-cloud-dlp (0.8.0)
      google-gax (~> 1.3)
    google-cloud-dns (0.30.0)
      google-api-client (~> 0.23)
      google-cloud-core (~> 1.2)
      googleauth (>= 0.6.2, < 0.10.0)
      zonefile (~> 1.04)
    google-cloud-env (1.0.5)
      faraday (~> 0.11)
    google-cloud-error_reporting (0.31.3)
      concurrent-ruby (~> 1.1)
      google-cloud-core (~> 1.2)
      google-gax (~> 1.0)
      stackdriver-core (~> 1.3)
    google-cloud-firestore (0.25.0)
      concurrent-ruby (~> 1.0)
      google-cloud-core (~> 1.2)
      google-gax (~> 1.0)
      rbtree (~> 0.4.2)
    google-cloud-kms (1.0.0)
      google-gax (~> 1.3)
      grpc-google-iam-v1 (~> 0.6.9)
    google-cloud-language (0.31.2)
      google-gax (~> 1.3)
    google-cloud-logging (1.6.2)
      concurrent-ruby (~> 1.1)
      google-cloud-core (~> 1.2)
      google-gax (~> 1.3)
      googleapis-common-protos-types (>= 1.0.2)
      stackdriver-core (~> 1.3)
    google-cloud-monitoring (0.29.3)
      google-gax (~> 1.3)
      googleapis-common-protos-types (>= 1.0.2)
    google-cloud-os_login (0.2.3)
      google-gax (~> 1.3)
    google-cloud-pubsub (0.34.1)
      concurrent-ruby (~> 1.0)
      google-cloud-core (~> 1.2)
      google-gax (~> 1.3)
      grpc-google-iam-v1 (~> 0.6.9)
    google-cloud-redis (0.2.3)
      google-gax (~> 1.3)
    google-cloud-resource_manager (0.31.0)
      google-api-client (~> 0.23)
      google-cloud-core (~> 1.2)
      googleauth (>= 0.6.2, < 0.10.0)
    google-cloud-scheduler (0.2.0)
      google-gax (~> 1.3)
    google-cloud-spanner (1.9.0)
      concurrent-ruby (~> 1.0)
      google-cloud-core (~> 1.2)
      google-gax (~> 1.0)
      grpc-google-iam-v1 (~> 0.6.9)
    google-cloud-speech (0.34.0)
      google-gax (~> 1.3)
    google-cloud-storage (1.16.0)
      digest-crc (~> 0.4)
      google-api-client (~> 0.23)
      google-cloud-core (~> 1.2)
      googleauth (>= 0.6.2, < 0.10.0)
    google-cloud-talent (0.1.0)
      google-gax (~> 1.3)
    google-cloud-tasks (0.5.0)
      google-gax (~> 1.3)
      grpc-google-iam-v1 (~> 0.6.9)
    google-cloud-text_to_speech (0.2.0)
      google-gax (~> 1.3)
    google-cloud-trace (0.34.1)
      concurrent-ruby (~> 1.1)
      google-cloud-core (~> 1.2)
      google-gax (~> 1.3)
      stackdriver-core (~> 1.3)
    google-cloud-translate (1.3.0)
      faraday (~> 0.13)
      google-cloud-core (~> 1.2)
      googleauth (>= 0.6.2, < 0.10.0)
    google-cloud-video_intelligence (1.1.4)
      google-gax (~> 1.3)
    google-cloud-vision (0.32.2)
      google-gax (~> 1.3)
    google-gax (1.5.0)
      google-protobuf (~> 3.2)
      googleapis-common-protos (>= 1.3.5, < 2.0)
      googleauth (>= 0.6.2, < 0.10.0)
      grpc (>= 1.7.2, < 2.0)
      rly (~> 0.2.3)
    google-protobuf (3.7.0)
    googleapis-common-protos (1.3.8)
      google-protobuf (~> 3.0)
      googleapis-common-protos-types (~> 1.0)
      grpc (~> 1.0)
    googleapis-common-protos-types (1.0.3)
      google-protobuf (~> 3.0)
    googleauth (0.6.7)
      faraday (~> 0.12)
      jwt (>= 1.4, < 3.0)
      memoist (~> 0.16)
      multi_json (~> 1.11)
      os (>= 0.9, < 2.0)
      signet (~> 0.7)
    grpc (1.19.0)
      google-protobuf (~> 3.1)
      googleapis-common-protos-types (~> 1.0.0)
    grpc-google-iam-v1 (0.6.9)
      googleapis-common-protos (>= 1.3.1, < 2.0)
      grpc (~> 1.0)
    gssapi (1.2.0)
      ffi (>= 1.0.1)
    gyoku (1.3.1)
      builder (>= 2.1.2)
    hamster (3.0.0)
      concurrent-ruby (~> 1.0)
    hashie (3.6.0)
    htmlentities (4.3.4)
    http-cookie (1.0.3)
      domain_name (~> 0.5)
    http_parser.rb (0.6.0)
    httpclient (2.8.3)
    i18n (1.6.0)
      concurrent-ruby (~> 1.0)
    ice_nine (0.11.2)
    inifile (3.0.0)
    inspec (3.7.11)
      addressable (~> 2.4)
      faraday (>= 0.9.0)
      faraday_middleware (~> 0.12.2)
      hashie (~> 3.4)
      htmlentities
      json (>= 1.8, < 3.0)
      method_source (~> 0.8)
      mixlib-log
      multipart-post
      parallel (~> 1.9)
      parslet (~> 1.5)
      pry (~> 0)
      rspec (~> 3)
      rspec-its (~> 1.2)
      rubyzip (~> 1.2, >= 1.2.2)
      semverse
      sslshake (~> 1.2)
      term-ansicolor
      thor (~> 0.20)
      tomlrb (~> 1.2)
      train (~> 1.5, >= 1.7.2)
      tty-prompt (~> 0.17)
      tty-table (~> 0.10)
    io-like (0.3.0)
    ipaddress (0.8.3)
    jaro_winkler (1.5.2)
    jmespath (1.4.0)
    jquery-rails (4.3.3)
      rails-dom-testing (>= 1, < 3)
      railties (>= 4.2.0)
      thor (>= 0.14, < 2.0)
    js_regex (3.1.1)
      character_set (~> 1.1)
      regexp_parser (~> 1.1)
      regexp_property_values (~> 0.3)
    json (2.2.0)
    jwt (2.1.0)
    kartograph (0.2.7)
    kramdown (1.17.0)
    latex-decode (0.3.1)
    libyajl2 (1.2.0)
    link_header (0.0.8)
    little-plugger (1.1.4)
    logging (2.2.2)
      little-plugger (~> 1.1)
      multi_json (~> 1.10)
    loofah (2.2.3)
      crass (~> 1.0.2)
      nokogiri (>= 1.5.9)
    mail (2.7.1)
      mini_mime (>= 0.1.1)
    marcel (0.3.3)
      mimemagic (~> 0.3.2)
    memoist (0.16.0)
    method_source (0.9.2)
    mime-types (3.2.2)
      mime-types-data (~> 3.2015)
    mime-types-data (3.2018.0812)
    mimemagic (0.3.3)
    mini_mime (1.0.1)
    mini_portile2 (2.4.0)
    minitest (5.11.3)
    mixlib-authentication (2.1.1)
    mixlib-cli (2.0.3)
    mixlib-config (2.2.18)
      tomlrb
    mixlib-log (3.0.1)
    mixlib-shellout (2.4.4)
    moneta (1.1.0)
    ms_rest (0.7.3)
      concurrent-ruby (~> 1.0)
      faraday (~> 0.9)
      timeliness (~> 0.3)
    ms_rest_azure (0.11.0)
      concurrent-ruby (~> 1.0)
      faraday (~> 0.9)
      faraday-cookie_jar (~> 0.0.6)
      ms_rest (~> 0.7.2)
    msgpack (1.2.9)
    multi_json (1.13.1)
    multi_test (0.1.2)
    multi_xml (0.6.0)
    multipart-post (2.0.0)
    necromancer (0.4.0)
    net-http-persistent (3.0.0)
      connection_pool (~> 2.2)
    net-http-pipeline (1.0.1)
    net-scp (1.2.1)
      net-ssh (>= 2.6.5)
    net-ssh (5.2.0)
    netrc (0.11.0)
    nio4r (2.3.1)
    nokogiri (1.10.1)
      mini_portile2 (~> 2.4.0)
    nori (2.6.0)
    oauth2 (1.4.1)
      faraday (>= 0.8, < 0.16.0)
      jwt (>= 1.0, < 3.0)
      multi_json (~> 1.3)
      multi_xml (~> 0.5)
      rack (>= 1.2, < 3)
    ohai (14.8.11)
      chef-config (>= 12.8, < 15)
      ffi (~> 1.9)
      ffi-yajl (~> 2.2)
      ipaddress
      mixlib-cli (>= 1.7.0)
      mixlib-config (>= 2.0, < 4.0)
      mixlib-log (>= 2.0.1, < 4.0)
      mixlib-shellout (>= 2.0, < 4.0)
      plist (~> 3.1)
      systemu (~> 2.6.4)
      wmi-lite (~> 1.0)
    orm_adapter (0.5.0)
    os (1.0.0)
    paper_trail (10.2.1)
      activerecord (>= 4.2, < 6.1)
      request_store (~> 1.1)
    parallel (1.14.0)
    parser (2.6.2.0)
      ast (~> 2.4.0)
    parslet (1.8.2)
    pastel (0.7.2)
      equatable (~> 0.5.0)
      tty-color (~> 0.4.0)
    plist (3.5.0)
    polyglot (0.3.5)
    pry (0.12.2)
      coderay (~> 1.1.0)
      method_source (~> 0.9.0)
    psych (3.1.0)
    public_suffix (3.0.3)
    rack (2.0.6)
    rack-test (1.1.0)
      rack (>= 1.0, < 3)
    rails (5.2.2.1)
      actioncable (= 5.2.2.1)
      actionmailer (= 5.2.2.1)
      actionpack (= 5.2.2.1)
      actionview (= 5.2.2.1)
      activejob (= 5.2.2.1)
      activemodel (= 5.2.2.1)
      activerecord (= 5.2.2.1)
      activestorage (= 5.2.2.1)
      activesupport (= 5.2.2.1)
      bundler (>= 1.3.0)
      railties (= 5.2.2.1)
      sprockets-rails (>= 2.0.0)
    rails-dom-testing (2.0.3)
      activesupport (>= 4.2.0)
      nokogiri (>= 1.6)
    rails-html-sanitizer (1.0.4)
      loofah (~> 2.2, >= 2.2.2)
    railties (5.2.2.1)
      actionpack (= 5.2.2.1)
      activesupport (= 5.2.2.1)
      method_source
      rake (>= 0.8.7)
      thor (>= 0.19.0, < 2.0)
    rainbow (3.0.0)
    rake (12.3.2)
    rbtree (0.4.2)
    rdf (3.0.10)
      hamster (~> 3.0)
      link_header (~> 0.0, >= 0.0.8)
    regexp_parser (1.3.0)
    regexp_property_values (0.3.4)
    representable (3.0.4)
      declarative (< 0.1.0)
      declarative-option (< 0.2.0)
      uber (< 0.2.0)
    request_store (1.4.1)
      rack (>= 1.4)
    resource_kit (0.1.7)
      addressable (>= 2.3.6, < 3.0.0)
    responders (2.4.1)
      actionpack (>= 4.2.0, < 6.0)
      railties (>= 4.2.0, < 6.0)
    rest-client (2.0.2)
      http-cookie (>= 1.0.2, < 2.0)
      mime-types (>= 1.16, < 4.0)
      netrc (~> 0.8)
    retriable (3.1.2)
    reverse_markdown (1.1.0)
      nokogiri
    rly (0.2.3)
    rspec (3.8.0)
      rspec-core (~> 3.8.0)
      rspec-expectations (~> 3.8.0)
      rspec-mocks (~> 3.8.0)
    rspec-core (3.8.0)
      rspec-support (~> 3.8.0)
    rspec-expectations (3.8.2)
      diff-lcs (>= 1.2.0, < 2.0)
      rspec-support (~> 3.8.0)
    rspec-its (1.2.0)
      rspec-core (>= 3.0.0)
      rspec-expectations (>= 3.0.0)
    rspec-mocks (3.8.0)
      diff-lcs (>= 1.2.0, < 2.0)
      rspec-support (~> 3.8.0)
    rspec-support (3.8.0)
    rubocop (0.66.0)
      jaro_winkler (~> 1.5.1)
      parallel (~> 1.10)
      parser (>= 2.5, != 2.5.1.1)
      psych (>= 3.1.0)
      rainbow (>= 2.2.2, < 4.0)
      ruby-progressbar (~> 1.7)
      unicode-display_width (>= 1.4.0, < 1.6)
    ruby-enum (0.7.2)
      i18n
    ruby-progressbar (1.10.0)
    rubyntlm (0.6.2)
    rubyzip (1.2.2)
    sassc (2.0.1)
      ffi (~> 1.9)
      rake
    scrypt (3.0.6)
      ffi-compiler (>= 1.0, < 2.0)
    semverse (3.0.0)
    signet (0.11.0)
      addressable (~> 2.3)
      faraday (~> 0.9)
      jwt (>= 1.5, < 3.0)
      multi_json (~> 1.10)
    simple_form (4.1.0)
      actionpack (>= 5.0)
      activemodel (>= 5.0)
    simplecov (0.13.0)
      docile (~> 1.1.0)
      json (>= 1.8, < 3)
      simplecov-html (~> 0.10.0)
    simplecov-html (0.10.2)
    solargraph (0.31.3)
      backport (~> 0.3)
      htmlentities (~> 4.3, >= 4.3.4)
      jaro_winkler (~> 1.5)
      kramdown (~> 1.16)
      parser (~> 2.3)
      reverse_markdown (~> 1.0, >= 1.0.5)
      rubocop (~> 0.52)
      thor (~> 0.19, >= 0.19.4)
      tilt (~> 2.0)
      yard (~> 0.9.20)
    sprockets (3.7.2)
      concurrent-ruby (~> 1.0)
      rack (> 1, < 3)
    sprockets-rails (3.2.1)
      actionpack (>= 4.0)
      activesupport (>= 4.0)
      sprockets (>= 3.0.0)
    sslshake (1.3.0)
    stackdriver-core (1.3.3)
      google-cloud-core (~> 1.2)
    strings (0.1.4)
      strings-ansi (~> 0.1.0)
      unicode-display_width (~> 1.4.0)
      unicode_utils (~> 1.4.0)
    strings-ansi (0.1.0)
    sxp (1.0.2)
      rdf (~> 3.0)
    systemu (2.6.5)
    term-ansicolor (1.7.1)
      tins (~> 1.0)
    thor (0.20.3)
    thread_safe (0.3.6)
    tilt (2.0.9)
    timeliness (0.4.0)
    timers (4.3.0)
    tins (1.20.2)
    tomlrb (1.2.8)
    train (1.7.6)
      aws-sdk (~> 2)
      azure_graph_rbac (~> 0.16)
      azure_mgmt_key_vault (~> 0.17)
      azure_mgmt_resources (~> 0.15)
      docker-api (~> 1.26)
      google-api-client (~> 0.23.9)
      googleauth (~> 0.6.6)
      inifile
      json (>= 1.8, < 3.0)
      mixlib-shellout (>= 2.0)
      net-scp (~> 1.2)
      net-ssh (>= 2.9, < 6.0)
      winrm (~> 2.0)
      winrm-fs (~> 1.0)
    tty-color (0.4.3)
    tty-cursor (0.6.1)
    tty-prompt (0.18.1)
      necromancer (~> 0.4.0)
      pastel (~> 0.7.0)
      timers (~> 4.0)
      tty-cursor (~> 0.6.0)
      tty-reader (~> 0.5.0)
    tty-reader (0.5.0)
      tty-cursor (~> 0.6.0)
      tty-screen (~> 0.6.4)
      wisper (~> 2.0.0)
    tty-screen (0.6.5)
    tty-table (0.10.0)
      equatable (~> 0.5.0)
      necromancer (~> 0.4.0)
      pastel (~> 0.7.2)
      strings (~> 0.1.0)
      tty-screen (~> 0.6.4)
    tzinfo (1.2.5)
      thread_safe (~> 0.1)
    uber (0.1.0)
    unf (0.1.4)
      unf_ext
    unf_ext (0.0.7.5)
    unicode-display_width (1.4.1)
    unicode_utils (1.4.0)
    uniform_notifier (1.12.1)
    uuidtools (2.1.5)
    virtus (1.0.5)
      axiom-types (~> 0.1)
      coercible (~> 1.0)
      descendants_tracker (~> 0.0, >= 0.0.3)
      equalizer (~> 0.0, >= 0.0.9)
    warden (1.2.8)
      rack (>= 2.0.6)
    websocket-driver (0.7.0)
      websocket-extensions (>= 0.1.0)
    websocket-extensions (0.1.3)
    winrm (2.3.1)
      builder (>= 2.1.2)
      erubis (~> 2.7)
      gssapi (~> 1.2)
      gyoku (~> 1.0)
      httpclient (~> 2.2, >= 2.2.0.2)
      logging (>= 1.6.1, < 3.0)
      nori (~> 2.0)
      rubyntlm (~> 0.6.0, >= 0.6.1)
    winrm-fs (1.3.2)
      erubis (~> 2.7)
      logging (>= 1.6.1, < 3.0)
      rubyzip (~> 1.1)
      winrm (~> 2.0)
    wisper (2.0.0)
    wmi-lite (1.0.2)
    xpath (3.2.0)
      nokogiri (~> 1.8)
    yard (0.9.18)
    zonefile (1.06)

PLATFORMS
  ruby

DEPENDENCIES
  actioncable (~> 5.2)
  actionmailer (~> 5.2)
  actionpack (~> 5.2)
  actionview (~> 5.2)
  activejob (~> 5.2)
  activemodel (~> 5.2)
  activerecord (~> 5.2)
  activestorage (~> 5.2)
  activesupport (~> 5.2)
  acts-as-taggable-on (~> 6.0)
  addressable (~> 2.6)
  annotate (~> 2.7)
  ansi (~> 1.5)
  archive-zip (~> 0.12.0)
  arel (~> 9.0)
  asana (~> 0.8.1)
  ast (~> 2.4)
  attachinary (~> 1.3)
  authlogic (~> 5.0)
  authlogic_oauth2 (~> 1.1)
  autoprefixer-rails (~> 9.5)
  awesome_print (~> 1.8)
  aws-eventstream (~> 1.0)
  aws-partitions (~> 1.145)
  aws-sdk (~> 2.11)
  aws-sdk-core (~> 2.11)
  aws-sdk-resources (~> 2.11)
  aws-sigv2 (~> 1.0)
  aws-sigv4 (~> 1.1)
  aws_cf_signer (~> 0.1.3)
  axiom-types (~> 0.1.1)
  azure-core (~> 0.1.15)
  azure_graph_rbac (~> 0.17.1)
  azure_mgmt_key_vault (~> 0.17.3)
  azure_mgmt_resources (~> 0.17.3)
  backport (~> 0.3.0)
  backports (~> 3.12)
  bcrypt (~> 3.1)
  benchmark_methods (~> 0.7)
  best_in_place (~> 3.1)
  better_errors (~> 2.5)
  bibtex-ruby (~> 4.4)
  bigdecimal (~> 1.4)
  bindex (~> 0.5.0)
  binding_of_caller (~> 0.8.0)
  blankslate (~> 3.1)
  bootsnap (~> 1.4)
  bootstrap-datepicker-rails (~> 1.8)
  bootstrap-sass (~> 3.4)
  bootstrap-select-rails (~> 1.12)
  bootstrap-switch-rails (~> 3.3)
  bootstrap_form (~> 4.2)
  brakeman (~> 4.5)
  bson (~> 4.4)
  builder (~> 3.2)
  bulk_insert (~> 1.7)
  bullet (~> 5.9)
  bundler-audit (~> 0.6.1)
  bundler-unload (~> 1.0)
  byebug (~> 11.0)
  capybara (~> 3.15)
  carrierwave (~> 1.3)
  celluloid (~> 0.17.4)
  celluloid-essentials (~> 0.20.5)
  celluloid-extras (~> 0.20.5)
  celluloid-fsm (~> 0.20.5)
  celluloid-pool (~> 0.20.5)
  celluloid-supervision (~> 0.20.6)
  chartkick (~> 3.2.0)
  chef (~> 0.8.10)
  chef-config (~> 14.11)
  chef-zero (~> 14.0)
  childprocess (~> 1.0)
  chromedriver-helper (~> 2.1)
  classifier-reborn (~> 2.2)
  client_side_validations (~> 13.1)
  client_side_validations-simple_form (~> 6.9)
  cloudinary (~> 1.1)
  codeclimate-engine-rb (~> 0.4.1)
  codeclimate-test-reporter (~> 1.0)
  codemirror-rails (~> 5.16)
  coderay (~> 1.1)
  coercible (~> 1.0)
  coffee-rails (~> 4.2)
  coffee-script (~> 2.4)
  coffee-script-source (~> 1.12)
  colorator (~> 1.1)
  colored (~> 1.2)
  colorize (~> 0.8.1)
  commonjs (~> 0.2.7)
  commonmarker (~> 0.18.2)
  concurrent-ruby (~> 1.1)
  connection_pool (~> 2.2)
  crass (~> 1.0)
  cucumber (~> 3.1)
  cucumber-core (~> 3.2)
  cucumber-expressions (~> 6.0)
  cucumber-tag_expressions (~> 1.1)
  cucumber-wire (~> 0.0.1)
  daemons (~> 1.3)
  debug_inspector (~> 0.0.3)
  declarative (~> 0.0.10)
  declarative-option (~> 0.1.0)
  deep_merge (~> 1.2)
  deface (~> 1.3)
  descendants_tracker (~> 0.0.4)
  devise (~> 4.6)
  devise-bootstrap-views (~> 1.1)
  devise-i18n (~> 1.8)
  devise_invitable (~> 2.0)
  did_you_mean (~> 1.3)
  diff-lcs (~> 1.3)
  digest-crc (~> 0.4.1)
  discourse_api (~> 0.33.0)
  dnsruby (~> 1.61)
  docile (~> 1.1)
  docker-api (~> 1.34)
  domain_name (~> 0.5.20180417)
  droplet_kit (~> 2.8)
  ebnf (~> 1.1)
  em-websocket (~> 0.5.1)
  equalizer (~> 0.0.11)
  erubi (~> 1.8)
  erubis (~> 2.7)
  ethon (~> 0.12.0)
  eventmachine (~> 1.2)
  excon (~> 0.62.0)
  execjs (~> 2.7)
  executable-hooks (~> 1.6)
  factory_girl (~> 4.9)
  factory_girl_rails (~> 4.9)
  faker (~> 1.9)
  faraday (~> 0.15.4)
  faraday-cookie_jar (~> 0.0.6)
  faraday-encoding (~> 0.0.5)
  faraday-http-cache (~> 2.0)
  faraday_middleware (~> 0.12.2)
  faraday_middleware-multi_json (~> 0.0.6)
  fast-stemmer (~> 1.0)
  ffi (~> 1.10)
  ffi-compiler (~> 1.0)
  ffi-yajl (~> 2.3)
  filetree (~> 1.0)
  font-awesome-sass (~> 5.8)
  forwardable-extended (~> 2.6)
  fuzzyurl (~> 0.9.0)
  gem-wrappers (~> 1.4)
  gemoji (~> 3.0)
  gender_detector (~> 2.0)
  gh (~> 0.14.0)
  gherkin (~> 5.1)
  github_api (~> 0.18.2)
  github_changelog_generator (~> 1.13)
  globalid (~> 0.4.2)
  globalize (~> 5.2)
  globalize-accessors (~> 0.2.1)
  globalize-versioning (~> 0.3.0)
  google-api-client (~> 0.23.9)
  google-cloud (~> 0.58.0)
  google-cloud-bigquery (~> 1.11)
  google-cloud-bigquery-data_transfer
  inspec (~> 3.7)
  rubocop (~> 0.66.0)
  solargraph (~> 0.31.3)

BUNDLED WITH
   1.16.1
